GEM
  remote: https://rubygems.org/
  specs:
    coderay (1.1.0)
    creek (1.0.5)
      nokogiri (~> 1.6.0)
      rubyzip (>= 1.0.0)
    method_source (0.8.2)
    mini_portile (0.6.0)
    nokogiri (1.6.2.1)
      mini_portile (= 0.6.0)
    pry (0.10.0)
      coderay (~> 1.1.0)
      method_source (~> 0.8.1)
      slop (~> 3.4)
    pry-doc (0.6.0)
      pry (~> 0.9)
      yard (~> 0.8)
    rubyzip (1.1.4)
    slop (3.5.0)
    yard (0.8.7.4)

PLATFORMS
  ruby

DEPENDENCIES
  creek
  pry
  pry-doc
